GIT
  remote: https://github.com/goncalossilva/deep_copy.git
  revision: 72b904f4888120fa18b9c80aabc97655869a2066
  specs:
    deep_copy (0.0.3)
      activerecord (~> 2.3)

GIT
  remote: https://github.com/sanyu/comma
  revision: ecdfd7d7285d87b06112b9606f7cb06f07f03791
  specs:
    comma (0.4.2)
      activesupport (>= 2.2.2)
      fastercsv

GEM
  remote: http://rubygems.org/
  specs:
    actionmailer (2.3.14)
      actionpack (= 2.3.14)
    actionpack (2.3.14)
      activesupport (= 2.3.14)
      rack (~> 1.1.0)
    activerecord (2.3.14)
      activesupport (= 2.3.14)
    activeresource (2.3.14)
      activesupport (= 2.3.14)
    activesupport (2.3.14)
    cgi_multipart_eof_fix (2.5.0)
    columnize (0.3.5)
    daemons (1.0.10)
    delayed_job (2.0.7)
      activesupport (~> 2.0)
      daemons (= 1.0.10)
    devise (1.0.11)
      warden (~> 0.10.3)
    factory_girl (2.3.2)
      activesupport
    fake_arel (0.9.9)
      activerecord (>= 2.3.5)
    fastercsv (1.5.4)
    fastthread (1.0.7)
    gem_plugin (0.2.3)
    has_scope (0.5.1)
    inherited_resources (1.0.6)
      has_scope (~> 0.5.0)
      responders (~> 0.4.6)
    linecache (0.46)
      rbx-require-relative (> 0.0.4)
    mongrel (1.1.5)
      cgi_multipart_eof_fix (>= 2.4)
      daemons (>= 1.0.3)
      fastthread (>= 1.0.1)
      gem_plugin (>= 0.2.3)
    rack (1.1.2)
    rails (2.3.14)
      actionmailer (= 2.3.14)
      actionpack (= 2.3.14)
      activerecord (= 2.3.14)
      activeresource (= 2.3.14)
      activesupport (= 2.3.14)
      rake (>= 0.8.3)
    rake (0.9.2.2)
    rbx-require-relative (0.0.5)
    responders (0.4.8)
    rspec (1.3.2)
    rspec-rails (1.3.4)
      rack (>= 1.0.0)
      rspec (~> 1.3.1)
    ruby-debug (0.10.4)
      columnize (>= 0.1)
      ruby-debug-base (~> 0.10.4.0)
    ruby-debug-base (0.10.4)
      linecache (>= 0.3)
    ruby-ldap (0.9.11)
    simple_autocomplete (0.3.8)
    simple_form (1.0.4)
    sqlite3 (1.3.5)
    sqlite3-ruby (1.3.3)
      sqlite3 (>= 1.3.3)
    steak (1.1.0)
      rspec (>= 1.3)
    warden (0.10.7)
      rack (>= 1.0.0)
    will_paginate (2.3.16)

PLATFORMS
  ruby

DEPENDENCIES
  comma!
  deep_copy!
  delayed_job (= 2.0.7)
  devise (= 1.0.11)
  factory_girl
  fake_arel
  fastercsv
  has_scope
  inherited_resources (= 1.0.6)
  mongrel
  rails (= 2.3.14)
  responders
  rspec-rails (~> 1.3.4)
  ruby-debug
  ruby-ldap
  simple_autocomplete (= 0.3.8)
  simple_form (= 1.0.4)
  sqlite3-ruby
  steak (~> 1.0)
  will_paginate (~> 2.3.16)
